GEM
  remote: https://rubygems.org/
  specs:
    awesome_print (1.6.1)
    barge (0.11.0)
      faraday (~> 0.9)
      faraday_middleware (~> 0.9)
      hashie (~> 3.3)
    faraday (0.9.1)
      multipart-post (>= 1.2, < 3)
    faraday_middleware (0.9.1)
      faraday (>= 0.7.4, < 0.10)
    hashie (3.4.1)
    json (1.7.7)
    multipart-post (2.0.0)

PLATFORMS
  ruby

DEPENDENCIES
  awesome_print
  barge
  json
